GIT
  remote: git://github.com/drogar/jasminerice.git
  revision: 04ced847e8d259160101ef7278be59ac4da0fce4
  branch: feature/console_reports
  specs:
    jasminerice (0.1.1)
      coffee-rails

GEM
  remote: https://rubygems.org/
  specs:
    Ascii85 (1.0.2)
    actionmailer (4.2.0)
      actionpack (= 4.2.0)
      actionview (= 4.2.0)
      activejob (= 4.2.0)
      mail (~> 2.5, >= 2.5.4)
      rails-dom-testing (~> 1.0, >= 1.0.5)
    actionpack (4.2.0)
      actionview (= 4.2.0)
      activesupport (= 4.2.0)
      rack (~> 1.6.0)
      rack-test (~> 0.6.2)
      rails-dom-testing (~> 1.0, >= 1.0.5)
      rails-html-sanitizer (~> 1.0, >= 1.0.1)
    actionview (4.2.0)
      activesupport (= 4.2.0)
      builder (~> 3.1)
      erubis (~> 2.7.0)
      rails-dom-testing (~> 1.0, >= 1.0.5)
      rails-html-sanitizer (~> 1.0, >= 1.0.1)
    active_model_serializers (0.9.2)
      activemodel (>= 3.2)
    activejob (4.2.0)
      activesupport (= 4.2.0)
      globalid (>= 0.3.0)
    activemodel (4.2.0)
      activesupport (= 4.2.0)
      builder (~> 3.1)
    activerecord (4.2.0)
      activemodel (= 4.2.0)
      activesupport (= 4.2.0)
      arel (~> 6.0)
    activesupport (4.2.0)
      i18n (~> 0.7)
      json (~> 1.7, >= 1.7.7)
      minitest (~> 5.1)
      thread_safe (~> 0.3, >= 0.3.4)
      tzinfo (~> 1.1)
    addressable (2.3.6)
    afm (0.2.2)
    arel (6.0.0)
    ast (2.0.0)
    astrolabe (1.3.0)
      parser (>= 2.2.0.pre.3, < 3.0)
    awesome_print (1.2.0)
    bcrypt (3.1.9)
    better_errors (2.1.0)
      coderay (>= 1.0.0)
      erubis (>= 2.6.6)
      rack (>= 0.9.0)
    binding_of_caller (0.7.2)
      debug_inspector (>= 0.0.1)
    breadcrumbs_on_rails (2.3.0)
    builder (3.2.2)
    cancancan (1.9.2)
    cane (2.6.2)
      parallel
    capybara (2.4.4)
      mime-types (>= 1.16)
      nokogiri (>= 1.3.3)
      rack (>= 1.0.0)
      rack-test (>= 0.5.4)
      xpath (~> 2.0)
    capybara-screenshot (1.0.3)
      capybara (>= 1.0, < 3)
      colored
      launchy
    capybara-webkit (1.3.1)
      capybara (>= 2.0.2, < 2.5.0)
      json
    celluloid (0.16.0)
      timers (~> 4.0.0)
    childprocess (0.5.5)
      ffi (~> 1.0, >= 1.0.11)
    cliver (0.3.2)
    coderay (1.1.0)
    coffee-rails (4.1.0)
      coffee-script (>= 2.2.0)
      railties (>= 4.0.0, < 5.0)
    coffee-script (2.3.0)
      coffee-script-source
      execjs
    coffee-script-source (1.8.0)
    colored (1.2)
    commonjs (0.2.7)
    cucumber (1.3.17)
      builder (>= 2.1.2)
      diff-lcs (>= 1.1.3)
      gherkin (~> 2.12)
      multi_json (>= 1.7.5, < 2.0)
      multi_test (>= 0.1.1)
    cucumber-rails (1.4.2)
      capybara (>= 1.1.2, < 3)
      cucumber (>= 1.3.8, < 2)
      mime-types (>= 1.16, < 3)
      nokogiri (~> 1.5)
      rails (>= 3, < 5)
    database_cleaner (1.3.0)
    debug_inspector (0.0.2)
    diff-lcs (1.2.5)
    docile (1.1.5)
    dotenv (1.0.2)
    draper (1.4.0)
      actionpack (>= 3.0)
      activemodel (>= 3.0)
      activesupport (>= 3.0)
      request_store (~> 1.0)
    em-websocket (0.5.1)
      eventmachine (>= 0.12.9)
      http_parser.rb (~> 0.6.0)
    erubis (2.7.0)
    eventmachine (1.0.4)
    execjs (2.2.2)
    factory_girl (4.5.0)
      activesupport (>= 3.0.0)
    factory_girl_rails (4.5.0)
      factory_girl (~> 4.5.0)
      railties (>= 3.0.0)
    faraday (0.9.0)
      multipart-post (>= 1.2, < 3)
    ffi (1.9.6)
    flay (2.5.0)
      ruby_parser (~> 3.0)
      sexp_processor (~> 4.0)
    flog (4.3.0)
      ruby_parser (~> 3.1, > 3.1.0)
      sexp_processor (~> 4.4)
    foreman (0.76.0)
      dotenv (~> 1.0.2)
      thor (~> 0.19.1)
    formatador (0.2.5)
    fuubar (1.3.3)
      rspec (>= 2.14.0, < 3.1.0)
      ruby-progressbar (~> 1.4)
    gherkin (2.12.2)
      multi_json (~> 1.3)
    globalid (0.3.0)
      activesupport (>= 4.1.0)
    growl (1.0.3)
    guard (2.10.5)
      formatador (>= 0.2.4)
      listen (~> 2.7)
      lumberjack (~> 1.0)
      nenv (~> 0.1)
      pry (>= 0.9.12)
      thor (>= 0.18.1)
    guard-coffeescript (1.4.0)
      coffee-script (>= 2.2.0)
      guard (>= 1.1.0)
    guard-compat (1.2.0)
    guard-jasmine (2.0.0)
      childprocess (~> 0.5)
      guard (~> 2.8)
      jasmine (~> 2.1)
      multi_json (~> 1.10)
      thor (~> 0.19)
      tilt
    guard-livereload (2.4.0)
      em-websocket (~> 0.5)
      guard (~> 2.8)
      multi_json (~> 1.8)
    guard-rspec (4.5.0)
      guard (~> 2.1)
      guard-compat (~> 1.1)
      rspec (>= 2.99.0, < 4.0)
    hashery (2.1.1)
    hike (1.2.3)
    hitimes (1.2.2)
    http_parser.rb (0.6.0)
    i18n (0.7.0)
    jasmine (2.1.0)
      jasmine-core (~> 2.1.0)
      phantomjs
      rack (>= 1.2.1)
      rake
    jasmine-core (2.1.3)
    jquery-rails (4.0.2)
      rails-dom-testing (~> 1.0)
      railties (>= 4.2.0)
      thor (>= 0.14, < 2.0)
    json (1.8.1)
    jwt (1.2.0)
    kaminari (0.16.1)
      actionpack (>= 3.0.0)
      activesupport (>= 3.0.0)
    kgio (2.9.2)
    launchy (2.4.3)
      addressable (~> 2.3)
    less (2.6.0)
      commonjs (~> 0.2.7)
    less-rails (2.6.0)
      actionpack (>= 3.1)
      less (~> 2.6.0)
    less-rails-bootstrap (3.3.1.0)
      less-rails (~> 2.6.0)
    libv8 (3.16.14.7)
    listen (2.8.4)
      celluloid (>= 0.15.2)
      rb-fsevent (>= 0.9.3)
      rb-inotify (>= 0.9)
    loofah (2.0.1)
      nokogiri (>= 1.5.9)
    lumberjack (1.0.9)
    mail (2.6.3)
      mime-types (>= 1.16, < 3)
    method_source (0.8.2)
    mime-types (2.4.3)
    mini_portile (0.6.1)
    minitest (5.5.0)
    morecane (0.1.0)
      cane (>= 2.1.0)
    multi_json (1.10.1)
    multi_test (0.1.1)
    multi_xml (0.5.5)
    multipart-post (2.0.0)
    nenv (0.1.1)
    nokogiri (1.6.5)
      mini_portile (~> 0.6.0)
    oauth (0.4.7)
    oauth2 (0.9.4)
      faraday (>= 0.8, < 0.10)
      jwt (~> 1.0)
      multi_json (~> 1.3)
      multi_xml (~> 0.5)
      rack (~> 1.2)
    paper_trail (3.0.6)
      activerecord (>= 3.0, < 5.0)
      activesupport (>= 3.0, < 5.0)
    parallel (1.3.3)
    parser (2.2.0)
      ast (>= 1.1, < 3.0)
      slop (~> 3.4, >= 3.4.5)
    pdf-core (0.4.0)
    pdf-reader (1.3.3)
      Ascii85 (~> 1.0.0)
      afm (~> 0.2.0)
      hashery (~> 2.0)
      ruby-rc4
      ttfunk
    pg (0.17.1)
    phantomjs (1.9.7.1)
    phone (1.2.3)
    poltergeist (1.5.1)
      capybara (~> 2.1)
      cliver (~> 0.3.1)
      multi_json (~> 1.0)
      websocket-driver (>= 0.2.0)
    powerpack (0.0.9)
    prawn (1.3.0)
      pdf-core (~> 0.4.0)
      ttfunk (~> 1.4.0)
    pry (0.10.1)
      coderay (~> 1.1.0)
      method_source (~> 0.8.1)
      slop (~> 3.4)
    quiet_assets (1.1.0)
      railties (>= 3.1, < 5.0)
    rack (1.6.0)
    rack-canonical-host (0.1.0)
      addressable
      rack (~> 1.0)
    rack-test (0.6.2)
      rack (>= 1.0)
    rails (4.2.0)
      actionmailer (= 4.2.0)
      actionpack (= 4.2.0)
      actionview (= 4.2.0)
      activejob (= 4.2.0)
      activemodel (= 4.2.0)
      activerecord (= 4.2.0)
      activesupport (= 4.2.0)
      bundler (>= 1.3.0, < 2.0)
      railties (= 4.2.0)
      sprockets-rails
    rails-deprecated_sanitizer (1.0.3)
      activesupport (>= 4.2.0.alpha)
    rails-dom-testing (1.0.5)
      activesupport (>= 4.2.0.beta, < 5.0)
      nokogiri (~> 1.6.0)
      rails-deprecated_sanitizer (>= 1.0.1)
    rails-html-sanitizer (1.0.1)
      loofah (~> 2.0)
    rails_12factor (0.0.3)
      rails_serve_static_assets
      rails_stdout_logging
    rails_serve_static_assets (0.0.3)
    rails_stdout_logging (0.0.3)
    railties (4.2.0)
      actionpack (= 4.2.0)
      activesupport (= 4.2.0)
      rake (>= 0.8.7)
      thor (>= 0.18.1, < 2.0)
    rainbow (2.0.0)
    raindrops (0.13.0)
    rake (10.4.2)
    rb-fsevent (0.9.4)
    rb-inotify (0.9.5)
      ffi (>= 0.5.0)
    ref (1.0.5)
    request_store (1.1.0)
    rinku (1.7.3)
    rolify (3.4.1)
    rspec (2.99.0)
      rspec-core (~> 2.99.0)
      rspec-expectations (~> 2.99.0)
      rspec-mocks (~> 2.99.0)
    rspec-collection_matchers (1.1.2)
      rspec-expectations (>= 2.99.0.beta1)
    rspec-core (2.99.2)
    rspec-expectations (2.99.2)
      diff-lcs (>= 1.1.3, < 2.0)
    rspec-formatter-webkit (2.4.0)
      rspec-core (~> 2.14)
    rspec-mocks (2.99.2)
    rspec-rails (2.99.0)
      actionpack (>= 3.0)
      activemodel (>= 3.0)
      activesupport (>= 3.0)
      railties (>= 3.0)
      rspec-collection_matchers
      rspec-core (~> 2.99.0)
      rspec-expectations (~> 2.99.0)
      rspec-mocks (~> 2.99.0)
    rspec_junit_formatter (0.2.0)
      builder (< 4)
      rspec (>= 2, < 4)
      rspec-core (!= 2.12.0)
    rubocop (0.28.0)
      astrolabe (~> 1.3)
      parser (>= 2.2.0.pre.7, < 3.0)
      powerpack (~> 0.0.6)
      rainbow (>= 1.99.1, < 3.0)
      ruby-progressbar (~> 1.4)
    ruby-progressbar (1.7.1)
    ruby-rc4 (0.1.5)
    ruby_parser (3.6.3)
      sexp_processor (~> 4.1)
    sass (3.4.9)
    sass-rails (5.0.0)
      railties (>= 4.0.0, < 5.0)
      sass (~> 3.1)
      sprockets (>= 2.8, < 4.0)
      sprockets-rails (>= 2.0, < 4.0)
      tilt (~> 1.1)
    sexp_processor (4.4.4)
    simple_form (3.1.0)
      actionpack (~> 4.0)
      activemodel (~> 4.0)
    simplecov (0.9.1)
      docile (~> 1.1.0)
      multi_json (~> 1.0)
      simplecov-html (~> 0.8.0)
    simplecov-html (0.8.0)
    slim (3.0.1)
      temple (~> 0.7.3)
      tilt (>= 1.3.3, < 2.1)
    slim-rails (0.2.1)
      slim (>= 0.9.2)
    slop (3.6.0)
    sorcery (0.8.6)
      bcrypt (~> 3.1)
      oauth (~> 0.4, >= 0.4.4)
      oauth2 (>= 0.8.0, < 1.0.0)
    sprockets (2.12.3)
      hike (~> 1.2)
      multi_json (~> 1.0)
      rack (~> 1.0)
      tilt (~> 1.1, != 1.3.0)
    sprockets-rails (2.2.2)
      actionpack (>= 3.0)
      activesupport (>= 3.0)
      sprockets (>= 2.8, < 4.0)
    syntax (1.2.0)
    temple (0.7.4)
    therubyracer (0.12.1)
      libv8 (~> 3.16.14.0)
      ref
    thor (0.19.1)
    thread_safe (0.3.4)
    tilt (1.4.1)
    timers (4.0.1)
      hitimes
    ttfunk (1.4.0)
    turbolinks (2.5.3)
      coffee-rails
    tzinfo (1.2.2)
      thread_safe (~> 0.1)
    uglifier (2.6.0)
      execjs (>= 0.3.0)
      json (>= 1.8.0)
    unicorn (4.8.3)
      kgio (~> 2.6)
      rack
      raindrops (~> 0.7)
    websocket-driver (0.5.1)
      websocket-extensions (>= 0.1.0)
    websocket-extensions (0.1.1)
    xpath (2.0.0)
      nokogiri (~> 1.3)

PLATFORMS
  ruby

DEPENDENCIES
  active_model_serializers
  awesome_print
  better_errors
  binding_of_caller
  breadcrumbs_on_rails
  cancancan
  cane
  capybara
  capybara-screenshot
  capybara-webkit
  coffee-rails
  cucumber-rails
  database_cleaner
  draper
  factory_girl_rails
  flay
  flog
  foreman
  fuubar
  growl
  guard
  guard-coffeescript
  guard-jasmine
  guard-livereload
  guard-rspec
  jasminerice!
  jquery-rails
  kaminari
  launchy
  less-rails
  less-rails-bootstrap
  libv8
  morecane
  paper_trail
  pdf-reader
  pg
  phone
  poltergeist
  prawn
  quiet_assets
  rack-canonical-host
  rails (~> 4.2)
  rails_12factor
  rb-fsevent
  rinku
  rolify
  rspec-formatter-webkit
  rspec-rails
  rspec_junit_formatter
  rubocop
  sass-rails
  simple_form
  simplecov
  slim-rails
  sorcery
  syntax
  therubyracer
  turbolinks
  uglifier
  unicorn
